PATH
  remote: .
  specs:
    kitfile_parser (0.0.0)

GEM
  remote: http://rubygems.org/
  specs:
    ansi (1.4.2)
    bueller (0.0.7)
      bundler (~> 1.1.0)
      git (>= 1.2.5)
      rake
    builder (3.0.0)
    fakefs (0.4.0)
    git (1.2.5)
    minitest (2.12.1)
    minitest-reporters (0.7.0)
      ansi
      builder
      minitest (~> 2.0)
      ruby-progressbar
    rake (0.9.2.2)
    ruby-progressbar (0.0.10)
    yard (0.8.1)

PLATFORMS
  ruby

DEPENDENCIES
  bueller
  fakefs
  kitfile_parser!
  minitest
  minitest-reporters
  yard
